GEM
  remote: https://rubygems.org/
  specs:
    msgpack (1.7.2)
    multi_json (1.15.0)
    neovim (0.9.1)
      msgpack (~> 1.1)
      multi_json (~> 1.0)

PLATFORMS
  arm64-darwin-22
  x86_64-darwin-20
  x86_64-darwin-23

DEPENDENCIES
  neovim

BUNDLED WITH
   2.4.12
